PATH
  remote: .
  specs:
    brine (0.1.0)
      cucumber
      faraday
      faraday_middleware
      jsonpath
      mustache
      oauth2
      rspec

GEM
  remote: http://rubygems.org/
  specs:
    aruba (0.14.2)
      childprocess (~> 0.5.6)
      contracts (~> 0.9)
      cucumber (>= 1.3.19)
      ffi (~> 1.9.10)
      rspec-expectations (>= 2.99)
      thor (~> 0.19)
    builder (3.2.3)
    childprocess (0.5.9)
      ffi (~> 1.0, >= 1.0.11)
    contracts (0.15.0)
    cucumber (2.4.0)
      builder (>= 2.1.2)
      cucumber-core (~> 1.5.0)
      cucumber-wire (~> 0.0.1)
      diff-lcs (>= 1.1.3)
      gherkin (~> 4.0)
      multi_json (>= 1.7.5, < 2.0)
      multi_test (>= 0.1.2)
    cucumber-core (1.5.0)
      gherkin (~> 4.0)
    cucumber-wire (0.0.1)
    diff-lcs (1.3)
    faraday (0.11.0)
      multipart-post (>= 1.2, < 3)
    faraday_middleware (0.11.0.1)
      faraday (>= 0.7.4, < 1.0)
    ffi (1.9.18)
    gherkin (4.1.1)
    jsonpath (0.5.8)
      multi_json
    jwt (1.5.6)
    multi_json (1.12.1)
    multi_test (0.1.2)
    multi_xml (0.6.0)
    multipart-post (2.0.0)
    mustache (1.0.5)
    oauth2 (1.3.1)
      faraday (>= 0.8, < 0.12)
      jwt (~> 1.0)
      multi_json (~> 1.3)
      multi_xml (~> 0.5)
      rack (>= 1.2, < 3)
    rack (2.0.1)
    rspec (3.6.0.beta1)
      rspec-core (= 3.6.0.beta1)
      rspec-expectations (= 3.6.0.beta1)
      rspec-mocks (= 3.6.0.beta1)
    rspec-core (3.6.0.beta1)
      rspec-support (= 3.6.0.beta1)
    rspec-expectations (3.6.0.beta1)
      diff-lcs (>= 1.2.0, < 2.0)
      rspec-support (= 3.6.0.beta1)
    rspec-mocks (3.6.0.beta1)
      diff-lcs (>= 1.2.0, < 2.0)
      rspec-support (= 3.6.0.beta1)
    rspec-support (3.6.0.beta1)
    thor (0.19.4)

PLATFORMS
  ruby

DEPENDENCIES
  aruba!
  brine!

BUNDLED WITH
   1.14.6
